GIT
  remote: git://github.com/tenderlove/ds9.git
  revision: 7961e567b54d11f2db40a3d2ac4f258f55249e2b
  specs:
    ds9 (1.0.0)

GEM
  remote: https://rubygems.org/
  specs:
    webrick (1.3.1)

PLATFORMS
  ruby

DEPENDENCIES
  ds9!
  webrick

BUNDLED WITH
   1.10.6
